PATH
  remote: .
  specs:
    lnrpc (0.15.5)
      google-protobuf (>= 3.15.7)
      grpc (>= 1.28.0)

GEM
  remote: https://rubygems.org/
  specs:
    diff-lcs (1.5.0)
    google-protobuf (3.23.3)
    googleapis-common-protos-types (1.6.0)
      google-protobuf (~> 3.14)
    grpc (1.56.0)
      google-protobuf (~> 3.23)
      googleapis-common-protos-types (~> 1.0)
    rake (13.0.6)
    rspec (3.11.0)
      rspec-core (~> 3.11.0)
      rspec-expectations (~> 3.11.0)
      rspec-mocks (~> 3.11.0)
    rspec-core (3.11.0)
      rspec-support (~> 3.11.0)
    rspec-expectations (3.11.0)
      diff-lcs (>= 1.2.0, < 2.0)
      rspec-support (~> 3.11.0)
    rspec-mocks (3.11.1)
      diff-lcs (>= 1.2.0, < 2.0)
      rspec-support (~> 3.11.0)
    rspec-support (3.11.0)

PLATFORMS
  ruby

DEPENDENCIES
  bundler (> 2.0)
  lnrpc!
  rake (~> 13.0)
  rspec (~> 3.0)

BUNDLED WITH
   2.4.4
